GEM
  remote: https://rubygems.org/
  specs:
    pg (1.5.1)

PLATFORMS
  arm64-darwin-21

DEPENDENCIES
  pg (~> 1.5)

BUNDLED WITH
   2.4.12
